PATH
  remote: .
  specs:
    finvoice3 (0.0.1)
      nokogiri

GEM
  remote: https://rubygems.org/
  specs:
    byebug (11.1.3)
    minitest (5.20.0)
    nokogiri (1.15.5-x86_64-linux)
      racc (~> 1.4)
    racc (1.7.3)
    rake (13.1.0)

PLATFORMS
  x86_64-linux

DEPENDENCIES
  bundler
  byebug
  finvoice3!
  minitest
  rake

BUNDLED WITH
   2.4.14
